PATH
  remote: .
  specs:
    code_rippa (1.0.0)
      ansi (~> 1.4)
      color (~> 1.5)
      language_sniffer (~> 1.0)
      psych (~> 2.0)
      ptools (~> 1.2)
      rainbow (~> 2.0)
      spox-ultraviolet (~> 0.10)

GEM
  remote: https://rubygems.org/
  specs:
    ansi (1.4.3)
    color (1.5.1)
    language_sniffer (1.0.2)
    minitest (5.2.2)
    psych (2.0.2)
    ptools (1.2.2)
    rainbow (2.0.0)
    rake (10.1.1)
    spox-plist (3.0.1)
    spox-textpow (0.10.3)
      spox-plist
    spox-ultraviolet (0.10.5)
      spox-textpow

PLATFORMS
  ruby

DEPENDENCIES
  code_rippa!
  minitest (~> 5.2)
  rake (~> 10.1)
